GEM
  remote: http://rubygems.org/
  specs:
    activesupport (3.1.4)
      multi_json (~> 1.0)
    addressable (2.2.7)
    chunky_png (1.2.5)
    coffee-script (2.2.0)
      coffee-script-source
      execjs
    coffee-script-source (1.2.0)
    compass (0.11.7)
      chunky_png (~> 1.2)
      fssm (>= 0.2.7)
      sass (~> 3.1)
    daemons (1.1.4)
    eventmachine (0.12.10)
    execjs (1.2.13)
      multi_json (~> 1.0)
    foreman (0.40.0)
      term-ansicolor (~> 1.0.7)
      thor (>= 0.13.6)
    fssm (0.2.8.1)
    growl_notify (0.0.3)
      rb-appscript
    haml (3.1.4)
    heroku (2.21.3)
      launchy (>= 0.3.2)
      netrc (~> 0.7.1)
      rest-client (~> 1.6.1)
      rubyzip
    hike (1.2.1)
    launchy (2.0.5)
      addressable (~> 2.2.6)
    middleman (3.0.0.beta.1)
      middleman-core (= 3.0.0.beta.1)
      middleman-more (= 3.0.0.beta.1)
    middleman-core (3.0.0.beta.1)
      activesupport (~> 3.1.0)
      fssm (~> 0.2.7)
      rack (~> 1.3.5)
      rack-test (~> 0.6.1)
      thor (~> 0.14.0)
      tilt (~> 1.3.1)
    middleman-more (3.0.0.beta.1)
      coffee-script (~> 2.2.0)
      compass (~> 0.11.3)
      execjs (~> 1.2.7)
      haml (~> 3.1.0)
      middleman-core (= 3.0.0.beta.1)
      redcarpet (~> 2.0.0)
      sass (~> 3.1.7)
      sprockets (~> 2.1.0)
      sprockets-sass (~> 0.6.0)
      uglifier (~> 1.2.0)
    mime-types (1.17.2)
    multi_json (1.1.0)
    netrc (0.7.1)
    rack (1.3.5)
    rack-contrib (1.1.0)
      rack (>= 0.9.1)
    rack-test (0.6.1)
      rack (>= 1.0)
    rb-appscript (0.6.1)
    rb-fsevent (0.4.3.1)
    redcarpet (2.0.1)
    rest-client (1.6.7)
      mime-types (>= 1.16)
    rubyzip (0.9.6.1)
    sass (3.1.15)
    sprockets (2.1.2)
      hike (~> 1.2)
      rack (~> 1.0)
      tilt (~> 1.1, != 1.3.0)
    sprockets-sass (0.6.1)
      sprockets (~> 2.0)
      tilt (~> 1.1)
    term-ansicolor (1.0.7)
    thin (1.2.11)
      daemons (>= 1.0.9)
      eventmachine (>= 0.12.6)
      rack (>= 1.0.0)
    thor (0.14.6)
    tilt (1.3.3)
    uglifier (1.2.3)
      execjs (>= 0.3.0)
      multi_json (>= 1.0.2)
    watchr (0.7)

PLATFORMS
  ruby

DEPENDENCIES
  foreman
  growl_notify
  heroku
  middleman (= 3.0.0.beta.1)
  rack-contrib
  rb-fsevent
  thin
  watchr
